PATH
  remote: .
  specs:
    raas (2.0.0)
      certifi (~> 2016.9, >= 2016.09.26)
      faraday (~> 0.10.0)
      faraday-http-cache (~> 1.2, >= 1.2.2)
      logging (~> 2.0)
      test-unit (~> 3.1.5)

GEM
  remote: https://rubygems.org/
  specs:
    certifi (2016.09.26)
    faraday (0.10.1)
      multipart-post (>= 1.2, < 3)
    faraday-http-cache (1.3.1)
      faraday (~> 0.8)
    little-plugger (1.1.4)
    logging (2.2.2)
      little-plugger (~> 1.1)
      multi_json (~> 1.10)
    multi_json (1.13.1)
    multipart-post (2.0.0)
    power_assert (1.1.1)
    rake (12.3.1)
    test-unit (3.1.9)
      power_assert

PLATFORMS
  ruby

DEPENDENCIES
  raas!
  rake

BUNDLED WITH
   1.16.0.pre.3
